GEM
  remote: https://rubygems.org/
  specs:
    concurrent-ruby (1.1.6)
    faker (2.12.0)
      i18n (>= 1.6, < 2)
    i18n (1.8.3)
      concurrent-ruby (~> 1.0)
    multi_json (1.14.1)
    mustermann (2.0.2)
      ruby2_keywords (~> 0.0.1)
    rack (2.2.4)
    rack-protection (2.2.3)
      rack
    rdiscount (2.2.0.1)
    ruby2_keywords (0.0.5)
    sinatra (2.2.3)
      mustermann (~> 2.0)
      rack (~> 2.2)
      rack-protection (= 2.2.3)
      tilt (~> 2.0)
    sinatra-contrib (2.2.3)
      multi_json
      mustermann (~> 2.0)
      rack-protection (= 2.2.3)
      sinatra (= 2.2.3)
      tilt (~> 2.0)
    tilt (2.0.11)

PLATFORMS
  ruby

DEPENDENCIES
  faker (~> 2.12)
  rdiscount (~> 2.2)
  sinatra (~> 2.2)
  sinatra-contrib (~> 2.0)

RUBY VERSION
   ruby 2.6.6p146

BUNDLED WITH
   2.1.4
