GEM
  remote: https://rubygems.org/
  specs:
    backports (3.17.2)
    concurrent-ruby (1.1.6)
    faker (2.12.0)
      i18n (>= 1.6, < 2)
    i18n (1.8.3)
      concurrent-ruby (~> 1.0)
    multi_json (1.14.1)
    mustermann (1.1.1)
      ruby2_keywords (~> 0.0.1)
    rack (2.2.6.3)
    rack-protection (2.0.8.1)
      rack
    rdiscount (2.2.0.1)
    ruby2_keywords (0.0.2)
    sinatra (2.0.8.1)
      mustermann (~> 1.0)
      rack (~> 2.0)
      rack-protection (= 2.0.8.1)
      tilt (~> 2.0)
    sinatra-contrib (2.0.8.1)
      backports (>= 2.8.2)
      multi_json
      mustermann (~> 1.0)
      rack-protection (= 2.0.8.1)
      sinatra (= 2.0.8.1)
      tilt (~> 2.0)
    tilt (2.0.10)

PLATFORMS
  ruby

DEPENDENCIES
  faker (~> 2.12)
  rdiscount (~> 2.2)
  sinatra (~> 2.0)
  sinatra-contrib (~> 2.0)

RUBY VERSION
   ruby 2.6.6p146

BUNDLED WITH
   2.1.4
